PATH
  remote: .
  specs:
    sidtool (0.0.5)
      mos6510 (~> 0.1.2)

GEM
  remote: https://rubygems.org/
  specs:
    coderay (1.1.2)
    diff-lcs (1.3)
    libv8-node (16.10.0.0-x86_64-darwin)
    method_source (0.9.2)
    mini_racer (0.6.2)
      libv8-node (~> 16.10.0.0)
    mos6510 (0.1.2)
      mini_racer (~> 0.6.2)
    pry (0.12.2)
      coderay (~> 1.1.0)
      method_source (~> 0.9.0)
    rake (10.5.0)
    rspec (3.8.0)
      rspec-core (~> 3.8.0)
      rspec-expectations (~> 3.8.0)
      rspec-mocks (~> 3.8.0)
    rspec-core (3.8.2)
      rspec-support (~> 3.8.0)
    rspec-expectations (3.8.4)
      diff-lcs (>= 1.2.0, < 2.0)
      rspec-support (~> 3.8.0)
    rspec-mocks (3.8.1)
      diff-lcs (>= 1.2.0, < 2.0)
      rspec-support (~> 3.8.0)
    rspec-support (3.8.2)

PLATFORMS
  ruby

DEPENDENCIES
  bundler (~> 2.0)
  pry (~> 0.12.2)
  rake (~> 10.0)
  rspec (~> 3.0)
  sidtool!

BUNDLED WITH
   2.1.4
